GEM
  remote: http://rubygems.org/
  specs:
    canonix (0.1.1)
    daemons (1.1.9)
    eventmachine (1.0.0)
    hashie (1.2.0)
    macaddr (1.6.1)
      systemu (~> 2.5.0)
    nokogiri (1.5.6)
    omniauth (1.1.1)
      hashie (~> 1.2)
      rack
    omniauth-saml (1.0.0)
      omniauth (~> 1.1)
      ruby-saml (~> 0.6)
    rack (1.4.4)
    rack-protection (1.3.2)
      rack
    ruby-saml (0.6.0)
      canonix (= 0.1.1)
      nokogiri
      uuid (~> 2.3)
    sinatra (1.3.3)
      rack (~> 1.3, >= 1.3.6)
      rack-protection (~> 1.2)
      tilt (~> 1.3, >= 1.3.3)
    systemu (2.5.2)
    thin (1.5.0)
      daemons (>= 1.0.9)
      eventmachine (>= 0.12.6)
      rack (>= 1.0.0)
    tilt (1.3.3)
    uuid (2.3.6)
      macaddr (~> 1.0)

PLATFORMS
  ruby

DEPENDENCIES
  omniauth
  omniauth-saml
  sinatra
  thin
